PATH
  remote: .
  specs:
    liquidprof (0.0.1)
      liquid (~> 2.5)

GEM
  remote: https://rubygems.org/
  specs:
    liquid (2.5.0)
    minitest (5.0.6)
    rake (10.1.0)

PLATFORMS
  ruby

DEPENDENCIES
  bundler (~> 1.3)
  liquidprof!
  minitest (~> 5.0)
  rake
